GEM
  remote: https://rubygems.org/
  specs:
    diff-lcs (1.3)
    docker-api (1.34.2)
      excon (>= 0.47.0)
      multi_json
    excon (0.64.0)
    git (1.3.0)
    gpgme (2.0.16)
      mini_portile2 (~> 2.3)
    mini_portile2 (2.3.0)
    multi_json (1.13.1)
    public_suffix (3.0.3)
    rspec (3.7.0)
      rspec-core (~> 3.7.0)
      rspec-expectations (~> 3.7.0)
      rspec-mocks (~> 3.7.0)
    rspec-core (3.7.1)
      rspec-support (~> 3.7.0)
    rspec-expectations (3.7.0)
      diff-lcs (>= 1.2.0, < 2.0)
      rspec-support (~> 3.7.0)
    rspec-mocks (3.7.0)
      diff-lcs (>= 1.2.0, < 2.0)
      rspec-support (~> 3.7.0)
    rspec-support (3.7.1)

PLATFORMS
  ruby

DEPENDENCIES
  docker-api (= 1.34.2)
  git (= 1.3.0)
  gpgme (= 2.0.16)
  public_suffix (= 3.0.3)
  rspec (~> 3.0)

BUNDLED WITH
   1.17.1
